GEM
  remote: https://rubygems.org/
  specs:
    rack (1.5.2)
    redirect (0.4.3)
      rack (~> 1.3, >= 1.3.4)

PLATFORMS
  ruby

DEPENDENCIES
  rack
  redirect
